PATH
  remote: .
  specs:
    dynamodb-api (0.2.0)
      aws-sdk-dynamodb (~> 1)

GEM
  remote: https://rubygems.org/
  specs:
    aws-eventstream (1.0.1)
    aws-partitions (1.96.0)
    aws-sdk-core (3.22.1)
      aws-eventstream (~> 1.0)
      aws-partitions (~> 1.0)
      aws-sigv4 (~> 1.0)
      jmespath (~> 1.0)
    aws-sdk-dynamodb (1.8.0)
      aws-sdk-core (~> 3)
      aws-sigv4 (~> 1.0)
    aws-sigv4 (1.0.3)
    byebug (10.0.2)
    coderay (1.1.2)
    diff-lcs (1.3)
    jmespath (1.4.0)
    method_source (0.9.0)
    pry (0.11.3)
      coderay (~> 1.1.0)
      method_source (~> 0.9.0)
    pry-byebug (3.6.0)
      byebug (~> 10.0)
      pry (~> 0.10)
    rake (10.5.0)
    rspec (3.7.0)
      rspec-core (~> 3.7.0)
      rspec-expectations (~> 3.7.0)
      rspec-mocks (~> 3.7.0)
    rspec-core (3.7.1)
      rspec-support (~> 3.7.0)
    rspec-expectations (3.7.0)
      diff-lcs (>= 1.2.0, < 2.0)
      rspec-support (~> 3.7.0)
    rspec-mocks (3.7.0)
      diff-lcs (>= 1.2.0, < 2.0)
      rspec-support (~> 3.7.0)
    rspec-support (3.7.1)

PLATFORMS
  ruby

DEPENDENCIES
  bundler (~> 1.16)
  dynamodb-api!
  pry
  pry-byebug
  rake (~> 10.0)
  rspec (~> 3.0)

BUNDLED WITH
   1.16.2
